GIT
  remote: https://github.com/getsentry/raven-ruby.git
  revision: c98168ad5cefacc7e8a998afc0304a457d375b6f
  specs:
    sentry-raven (2.4.0)
      faraday (>= 0.7.6, < 1.0)

GIT
  remote: https://github.com/joshk/jemalloc-rb.git
  revision: 8c9dbef98f6bd4f96b371ec336b7e0c4fdc02d49
  specs:
    jemalloc (1.4.5)

GIT
  remote: https://github.com/rkh/coder.git
  revision: 44b0cf89b98caecc654dd1a724a448e17ef7aa6c
  specs:
    coder (0.4.0)

GIT
  remote: https://github.com/travis-ci/travis-migrations.git
  revision: 21a258b568f35af5dd3cdabd43e5a6bd9354904b
  specs:
    travis-migrations (0.0.3)

GIT
  remote: https://github.com/travis-ci/travis-support.git
  revision: 113cff17fe383bb72fcfae3a97a8ce98c228342f
  specs:
    travis-support (0.0.1)

GEM
  remote: https://rubygems.org/
  specs:
    activesupport (3.2.22.5)
      i18n (~> 0.6, >= 0.6.4)
      multi_json (~> 1.0)
    amq-protocol (2.1.0)
    ast (2.3.0)
    atomic (1.1.99)
    avl_tree (1.2.1)
      atomic (~> 1.1)
    aws-sdk (2.9.0)
      aws-sdk-resources (= 2.9.0)
    aws-sdk-core (2.9.0)
      aws-sigv4 (~> 1.0)
      jmespath (~> 1.0)
    aws-sdk-resources (2.9.0)
      aws-sdk-core (= 2.9.0)
    aws-sigv4 (1.0.0)
    backports (3.7.0)
    bunny (2.6.4)
      amq-protocol (>= 2.0.1)
    coderay (1.1.1)
    concurrent-ruby (1.0.5)
    connection_pool (2.2.1)
    diff-lcs (1.3)
    docile (1.1.5)
    excon (0.55.0)
    faraday (0.11.0)
      multipart-post (>= 1.2, < 3)
    hashr (2.0.0)
    hitimes (1.2.4)
    httpclient (2.8.3)
    i18n (0.8.1)
    jmespath (1.3.1)
    json (2.0.3)
    jwt (1.5.6)
    method_source (0.8.2)
    metriks (0.9.9.7)
      atomic (~> 1.0)
      avl_tree (~> 1.2.0)
      hitimes (~> 1.1)
    metriks-librato_metrics (1.0.6)
      metriks (>= 0.9.9.6)
    multi_json (1.12.1)
    multipart-post (2.0.0)
    oj (2.18.5)
    parser (2.4.0.0)
      ast (~> 2.2)
    pg (0.20.0)
    powerpack (0.1.1)
    pry (0.10.4)
      coderay (~> 1.1.0)
      method_source (~> 0.8.1)
      slop (~> 3.4)
    puma (3.8.2)
    pusher (0.18.0)
      httpclient (~> 2.7)
      multi_json (~> 1.0)
      pusher-signature (~> 0.1.8)
    pusher-signature (0.1.8)
    rack (1.6.5)
    rack-protection (1.5.3)
      rack
    rack-ssl (1.4.1)
      rack
    rack-test (0.6.3)
      rack (>= 1.0)
    rainbow (2.2.1)
    rake (12.0.0)
    redis (3.3.3)
    redis-namespace (1.5.3)
      redis (~> 3.0, >= 3.0.4)
    rspec (3.5.0)
      rspec-core (~> 3.5.0)
      rspec-expectations (~> 3.5.0)
      rspec-mocks (~> 3.5.0)
    rspec-core (3.5.4)
      rspec-support (~> 3.5.0)
    rspec-expectations (3.5.0)
      diff-lcs (>= 1.2.0, < 2.0)
      rspec-support (~> 3.5.0)
    rspec-mocks (3.5.0)
      diff-lcs (>= 1.2.0, < 2.0)
      rspec-support (~> 3.5.0)
    rspec-support (3.5.0)
    rubocop (0.48.0)
      parser (>= 2.3.3.1, < 3.0)
      powerpack (~> 0.1)
      rainbow (>= 1.99.1, < 3.0)
      ruby-progressbar (~> 1.7)
      unicode-display_width (~> 1.0, >= 1.0.1)
    ruby-progressbar (1.8.1)
    sequel (4.44.0)
    sidekiq (4.2.10)
      concurrent-ruby (~> 1.0)
      connection_pool (~> 2.2, >= 2.2.0)
      rack-protection (>= 1.5.0)
      redis (~> 3.2, >= 3.2.1)
    simplecov (0.14.1)
      docile (~> 1.1.0)
      json (>= 1.8, < 3)
      simplecov-html (~> 0.10.0)
    simplecov-html (0.10.0)
    sinatra (1.4.8)
      rack (~> 1.5)
      rack-protection (~> 1.4)
      tilt (>= 1.3, < 3)
    sinatra-contrib (1.4.7)
      backports (>= 2.0)
      multi_json
      rack-protection
      rack-test
      sinatra (~> 1.4.0)
      tilt (>= 1.3, < 3)
    sinatra-param (1.4.0)
      sinatra (~> 1.3)
    slop (3.6.0)
    tilt (2.0.7)
    travis-config (1.0.13)
      hashr (~> 2.0.0)
    unicode-display_width (1.1.3)

PLATFORMS
  ruby

DEPENDENCIES
  activesupport (~> 3)
  aws-sdk
  bunny
  coder!
  concurrent-ruby
  connection_pool
  excon
  faraday
  jemalloc!
  jwt
  metriks
  metriks-librato_metrics
  multi_json
  oj
  pg
  pry
  puma
  pusher (~> 0.14)
  rack-ssl
  rack-test
  rake
  redis-namespace
  rspec
  rubocop
  sentry-raven!
  sequel
  sidekiq
  simplecov
  sinatra (~> 1)
  sinatra-contrib
  sinatra-param
  travis-config (~> 1.0)
  travis-migrations!
  travis-support!

BUNDLED WITH
   1.14.6
